PATH
  remote: .
  specs:
    couchbase-git-scribe (0.1.0)
      liquid
      nokogiri

GEM
  remote: http://rubygems.org/
  specs:
    liquid (4.0.3)
    mini_portile2 (2.4.0)
    nokogiri (1.10.10)
      mini_portile2 (~> 2.4.0)
    rake (13.0.1)
    test-unit (2.3.2)

PLATFORMS
  ruby

DEPENDENCIES
  couchbase-git-scribe!
  rake
  test-unit
