PATH
  remote: .
  specs:
    couchbase-git-scribe (0.1.0)
      liquid
      nokogiri

GEM
  remote: http://rubygems.org/
  specs:
    liquid (5.0.1)
    mini_portile2 (2.5.1)
    nokogiri (1.11.5)
      mini_portile2 (~> 2.5.0)
      racc (~> 1.4)
    racc (1.5.2)
    rake (0.9.2)
    test-unit (2.3.2)

PLATFORMS
  ruby

DEPENDENCIES
  couchbase-git-scribe!
  rake
  test-unit
